GEM
  remote: https://rubygems.org/
  specs:
    aoc_rb (0.2.9)
      dotenv (~> 3.1)
      httparty (~> 0.22)
      nokogiri (~> 1.16)
      rspec (~> 3.0)
      thor (~> 1.3)
    bigdecimal (3.1.8)
    csv (3.2.8)
    date (3.4.1)
    debug (1.9.2)
      irb (~> 1.10)
      reline (>= 0.3.8)
    diff-lcs (1.5.1)
    dotenv (3.1.4)
    httparty (0.22.0)
      csv
      mini_mime (>= 1.0.0)
      multi_xml (>= 0.5.2)
    io-console (0.8.0)
    irb (1.14.1)
      rdoc (>= 4.0.0)
      reline (>= 0.4.2)
    mini_mime (1.1.5)
    multi_xml (0.7.1)
      bigdecimal (~> 3.1)
    nokogiri (1.16.7-x86_64-linux)
      racc (~> 1.4)
    psych (5.2.1)
      date
      stringio
    racc (1.8.1)
    rdoc (6.8.1)
      psych (>= 4.0.0)
    reline (0.5.12)
      io-console (~> 0.5)
    rspec (3.13.0)
      rspec-core (~> 3.13.0)
      rspec-expectations (~> 3.13.0)
      rspec-mocks (~> 3.13.0)
    rspec-core (3.13.2)
      rspec-support (~> 3.13.0)
    rspec-expectations (3.13.3)
      diff-lcs (>= 1.2.0, < 2.0)
      rspec-support (~> 3.13.0)
    rspec-mocks (3.13.2)
      diff-lcs (>= 1.2.0, < 2.0)
      rspec-support (~> 3.13.0)
    rspec-support (3.13.2)
    stringio (3.1.2)
    thor (1.3.2)

PLATFORMS
  x86_64-linux

DEPENDENCIES
  aoc_rb
  debug

BUNDLED WITH
   2.5.22
